GEM
  remote: http://rubygems.org/
  specs:
    chunky_png (1.3.1)
    coderay (1.1.0)
    method_source (0.8.2)
    oily_png (1.1.1)
      chunky_png (~> 1.3.0)
    pry (0.10.0)
      coderay (~> 1.1.0)
      method_source (~> 0.8.1)
      slop (~> 3.4)
    slop (3.6.0)

PLATFORMS
  ruby

DEPENDENCIES
  oily_png
  pry
